GIT
  remote: git@github.com:tibastral/makers-mark.git
  revision: c6083ae840e17cd539d74c8712ede5f593c8a763
  specs:
    makers-mark (0.1.1)
      bluecloth (>= 2.0.0)
      nokogiri

GEM
  remote: http://rubygems.org/
  specs:
    bluecloth (2.2.0)
    haml (4.0.6)
      tilt
    mini_portile (0.6.1)
    nokogiri (1.6.5)
      mini_portile (~> 0.6.0)
    open4 (1.3.4)
    pygmentize (0.0.3)
    slidedown (0.2.0)
      makers-mark
      nokogiri
    tilt (2.0.1)

PLATFORMS
  ruby

DEPENDENCIES
  haml
  makers-mark!
  open4
  pygmentize
  slidedown
